GIT
  remote: https://github.com/lassebunk/dynamic_sitemaps.git
  revision: 37beeba143e8202218ee814056231b0e6974bafb
  specs:
    dynamic_sitemaps (2.0.0)

GEM
  remote: https://rubygems.org/
  remote: https://rails-assets.org/
  specs:
    actioncable (6.0.2.1)
      actionpack (= 6.0.2.1)
      nio4r (~> 2.0)
      websocket-driver (>= 0.6.1)
    actionmailbox (6.0.2.1)
      actionpack (= 6.0.2.1)
      activejob (= 6.0.2.1)
      activerecord (= 6.0.2.1)
      activestorage (= 6.0.2.1)
      activesupport (= 6.0.2.1)
      mail (>= 2.7.1)
    actionmailer (6.0.2.1)
      actionpack (= 6.0.2.1)
      actionview (= 6.0.2.1)
      activejob (= 6.0.2.1)
      mail (~> 2.5, >= 2.5.4)
      rails-dom-testing (~> 2.0)
    actionpack (6.0.2.1)
      actionview (= 6.0.2.1)
      activesupport (= 6.0.2.1)
      rack (~> 2.0, >= 2.0.8)
      rack-test (>= 0.6.3)
      rails-dom-testing (~> 2.0)
      rails-html-sanitizer (~> 1.0, >= 1.2.0)
    actiontext (6.0.2.1)
      actionpack (= 6.0.2.1)
      activerecord (= 6.0.2.1)
      activestorage (= 6.0.2.1)
      activesupport (= 6.0.2.1)
      nokogiri (>= 1.8.5)
    actionview (6.0.2.1)
      activesupport (= 6.0.2.1)
      builder (~> 3.1)
      erubi (~> 1.4)
      rails-dom-testing (~> 2.0)
      rails-html-sanitizer (~> 1.1, >= 1.2.0)
    active_attr (0.15.0)
      actionpack (>= 3.0.2, < 6.1)
      activemodel (>= 3.0.2, < 6.1)
      activesupport (>= 3.0.2, < 6.1)
    active_link_to (1.0.5)
      actionpack
      addressable
    active_record_union (1.3.0)
      activerecord (>= 4.0)
    active_storage_validations (0.8.7)
      rails (>= 5.2.0)
    activeadmin (2.6.1)
      arbre (~> 1.2, >= 1.2.1)
      formtastic (~> 3.1)
      formtastic_i18n (~> 0.4)
      inherited_resources (~> 1.7)
      jquery-rails (~> 4.2)
      kaminari (~> 1.0, >= 1.0.1)
      railties (>= 5.2, < 6.1)
      ransack (~> 2.1, >= 2.1.1)
      sassc-rails (~> 2.1)
      sprockets (>= 3.0, < 4.1)
    activejob (6.0.2.1)
      activesupport (= 6.0.2.1)
      globalid (>= 0.3.6)
    activemodel (6.0.2.1)
      activesupport (= 6.0.2.1)
    activemodel-serializers-xml (1.0.2)
      activemodel (> 5.x)
      activesupport (> 5.x)
      builder (~> 3.1)
    activerecord (6.0.2.1)
      activemodel (= 6.0.2.1)
      activesupport (= 6.0.2.1)
    activestorage (6.0.2.1)
      actionpack (= 6.0.2.1)
      activejob (= 6.0.2.1)
      activerecord (= 6.0.2.1)
      marcel (~> 0.3.1)
    activesupport (6.0.2.1)
      concurrent-ruby (~> 1.0, >= 1.0.2)
      i18n (>= 0.7, < 2)
      minitest (~> 5.1)
      tzinfo (~> 1.1)
      zeitwerk (~> 2.2)
    addressable (2.7.0)
      public_suffix (>= 2.0.2, < 5.0)
    airbrussh (1.4.0)
      sshkit (>= 1.6.1, != 1.7.0)
    arbre (1.2.1)
      activesupport (>= 3.0.0)
    arctic_admin (3.1.1)
      activeadmin (>= 1.1.0, < 3.0)
      font-awesome-sass (~> 5.0)
      jquery-rails
    autoprefixer-rails (9.7.4)
      execjs
    babel-source (5.8.35)
    babel-transpiler (0.7.0)
      babel-source (>= 4.0, < 6)
      execjs (~> 2.0)
    bcrypt (3.1.13)
    bcrypt_pbkdf (1.0.1)
    better_errors (2.6.0)
      coderay (>= 1.0.0)
      erubi (>= 1.0.0)
      rack (>= 0.9.0)
    bindex (0.8.1)
    binding_of_caller (0.8.0)
      debug_inspector (>= 0.0.1)
    bootsnap (1.4.6)
      msgpack (~> 1.0)
    browser (4.0.0)
    builder (3.2.4)
    cancancan (3.0.2)
    capistrano (3.12.0)
      airbrussh (>= 1.0.0)
      i18n
      rake (>= 10.0.0)
      sshkit (>= 1.9.0)
    capistrano-bundler (1.6.0)
      capistrano (~> 3.1)
    capistrano-rails (1.4.0)
      capistrano (~> 3.1)
      capistrano-bundler (~> 1.1)
    capistrano-rbenv (2.1.6)
      capistrano (~> 3.1)
      sshkit (~> 1.3)
    capistrano-yarn (2.0.2)
      capistrano (~> 3.0)
    capistrano3-puma (4.0.0)
      capistrano (~> 3.7)
      capistrano-bundler
      puma (~> 4.0)
    cells (4.1.7)
      declarative-builder (< 0.2.0)
      declarative-option (< 0.2.0)
      tilt (>= 1.4, < 3)
      uber (< 0.2.0)
    cells-rails (0.1.0)
      actionpack (>= 5.0)
      cells (>= 4.1.6, < 5.0.0)
    cells-slim (0.1.1)
      cells (>= 4.0.1, < 6.0.0)
      slim (>= 3.0)
    chronic (0.10.2)
    ckeditor (5.1.0)
      orm_adapter (~> 0.5.0)
    climate_control (0.2.0)
    coderay (1.1.2)
    coffee-rails (5.0.0)
      coffee-script (>= 2.2.0)
      railties (>= 5.2.0)
    coffee-script (2.4.1)
      coffee-script-source
      execjs
    coffee-script-source (1.12.2)
    comfortable_mexican_sofa (2.0.19)
      active_link_to (>= 1.0.0)
      comfy_bootstrap_form (>= 4.0.0)
      haml-rails (>= 1.0.0)
      jquery-rails (>= 4.3.1)
      kramdown (>= 1.0.0)
      mimemagic (>= 0.3.2)
      mini_magick (>= 4.8.0)
      rails (>= 5.2.0)
      rails-i18n (>= 5.0.0)
      sassc-rails (>= 2.0.0)
    comfy_bootstrap_form (4.0.9)
      rails (>= 5.0.0)
    concurrent-ruby (1.1.6)
    crass (1.0.6)
    db_text_search (0.3.1)
      activerecord (>= 4.1.15, < 7.0)
    debug_inspector (0.0.3)
    declarative (0.0.10)
    declarative-builder (0.1.0)
      declarative-option (< 0.2.0)
    declarative-option (0.1.0)
    delayed_paperclip (3.0.1)
      activejob (>= 4.2)
      paperclip (>= 3.3)
    devise (4.7.1)
      bcrypt (~> 3.0)
      orm_adapter (~> 0.1)
      railties (>= 4.1.0)
      responders
      warden (~> 1.2.3)
    disposable (0.4.7)
      declarative (>= 0.0.9, < 1.0.0)
      declarative-builder (< 0.2.0)
      declarative-option (< 0.2.0)
      representable (>= 2.4.0, <= 3.1.0)
      uber (< 0.2.0)
    dotenv (2.7.5)
    dotenv-rails (2.7.5)
      dotenv (= 2.7.5)
      railties (>= 3.2, < 6.1)
    draper (4.0.0)
      actionpack (>= 5.0)
      activemodel (>= 5.0)
      activemodel-serializers-xml (>= 1.0)
      activesupport (>= 5.0)
      request_store (>= 1.0)
    ed25519 (1.2.4)
    erubi (1.9.0)
    erubis (2.7.0)
    exception_notification (4.4.0)
      actionmailer (>= 4.0, < 7)
      activesupport (>= 4.0, < 7)
    execjs (2.7.0)
    exifr (1.3.6)
    ffi (1.12.2)
    figaro (1.1.1)
      thor (~> 0.14)
    font-awesome-sass (5.12.0)
      sassc (>= 1.11)
    formtastic (3.1.5)
      actionpack (>= 3.2.13)
    formtastic_i18n (0.6.0)
    friendly_id (5.3.0)
      activerecord (>= 4.0.0)
    fspath (3.1.2)
    globalid (0.4.2)
      activesupport (>= 4.2.0)
    haml (5.1.2)
      temple (>= 0.8.0)
      tilt
    haml-rails (2.0.1)
      actionpack (>= 5.1)
      activesupport (>= 5.1)
      haml (>= 4.0.6, < 6.0)
      html2haml (>= 1.0.1)
      railties (>= 5.1)
    has_scope (0.7.2)
      actionpack (>= 4.1)
      activesupport (>= 4.1)
    html-pipeline (2.12.3)
      activesupport (>= 2)
      nokogiri (>= 1.4)
    html2haml (2.2.0)
      erubis (~> 2.7.0)
      haml (>= 4.0, < 6)
      nokogiri (>= 1.6.0)
      ruby_parser (~> 3.5)
    htmlentities (4.3.4)
    http_accept_language (2.1.1)
    httparty (0.18.0)
      mime-types (~> 3.0)
      multi_xml (>= 0.5.2)
    i18n (1.8.2)
      concurrent-ruby (~> 1.0)
    image_optim (0.26.5)
      exifr (~> 1.2, >= 1.2.2)
      fspath (~> 3.0)
      image_size (>= 1.5, < 3)
      in_threads (~> 1.3)
      progress (~> 3.0, >= 3.0.1)
    image_optim_pack (0.6.0.20200215)
      fspath (>= 2.1, < 4)
      image_optim (~> 0.19)
    image_optim_rails (0.4.3)
      image_optim (~> 0.24)
      rails
      sprockets
    image_processing (1.10.3)
      mini_magick (>= 4.9.5, < 5)
      ruby-vips (>= 2.0.17, < 3)
    image_size (2.0.2)
    in_threads (1.5.4)
    inherited_resources (1.11.0)
      actionpack (>= 5.0, < 6.1)
      has_scope (~> 0.6)
      railties (>= 5.0, < 6.1)
      responders (>= 2, < 4)
    inline_svg (1.7.0)
      activesupport (>= 3.0)
      nokogiri (>= 1.6)
    jbuilder (2.10.0)
      activesupport (>= 5.0.0)
    jquery-rails (4.3.5)
      rails-dom-testing (>= 1, < 3)
      railties (>= 4.2.0)
      thor (>= 0.14, < 2.0)
    kaminari (1.2.0)
      activesupport (>= 4.1.0)
      kaminari-actionview (= 1.2.0)
      kaminari-activerecord (= 1.2.0)
      kaminari-core (= 1.2.0)
    kaminari-actionview (1.2.0)
      actionview
      kaminari-core (= 1.2.0)
    kaminari-activerecord (1.2.0)
      activerecord
      kaminari-core (= 1.2.0)
    kaminari-core (1.2.0)
    kramdown (2.1.0)
    kramdown-parser-gfm (1.1.0)
      kramdown (~> 2.0)
    launchy (2.5.0)
      addressable (~> 2.7)
    letter_opener (1.7.0)
      launchy (~> 2.2)
    letter_opener_web (1.4.0)
      actionmailer (>= 3.2)
      letter_opener (~> 1.0)
      railties (>= 3.2)
    libv8 (7.3.492.27.1)
    listen (3.1.5)
      rb-fsevent (~> 0.9, >= 0.9.4)
      rb-inotify (~> 0.9, >= 0.9.7)
      ruby_dep (~> 1.2)
    loofah (2.4.0)
      crass (~> 1.0.2)
      nokogiri (>= 1.5.9)
    mail (2.7.1)
      mini_mime (>= 0.1.1)
    marcel (0.3.3)
      mimemagic (~> 0.3.2)
    meta-tags (2.13.0)
      actionpack (>= 3.2.0, < 6.1)
    meta_request (0.7.2)
      rack-contrib (>= 1.1, < 3)
      railties (>= 3.0.0, < 7)
    method_source (0.9.2)
    mime-types (3.3.1)
      mime-types-data (~> 3.2015)
    mime-types-data (3.2019.1009)
    mimemagic (0.3.4)
    mini_magick (4.10.1)
    mini_mime (1.0.2)
    mini_portile2 (2.4.0)
    mini_racer (0.2.9)
      libv8 (>= 6.9.411)
    minitest (5.14.0)
    mobile-fu (1.4.0)
      rack-mobile-detect
      rails
    msgpack (1.3.3)
    multi_json (1.14.1)
    multi_xml (0.6.0)
    mustache (1.1.1)
    mysql2 (0.5.3)
    navigasmic (1.1.0)
    net-scp (2.0.0)
      net-ssh (>= 2.6.5, < 6.0.0)
    net-ssh (5.2.0)
    nio4r (2.5.2)
    nokogiri (1.10.9)
      mini_portile2 (~> 2.4.0)
    nokogumbo (2.0.2)
      nokogiri (~> 1.8, >= 1.8.4)
    onebox (1.9.26)
      addressable (~> 2.7.0)
      htmlentities (~> 4.3)
      multi_json (~> 1.11)
      mustache
      nokogiri (~> 1.7)
      sanitize
    orm_adapter (0.5.0)
    paper_trail (10.3.1)
      activerecord (>= 4.2)
      request_store (~> 1.1)
    paperclip (6.1.0)
      activemodel (>= 4.2.0)
      activesupport (>= 4.2.0)
      mime-types
      mimemagic (~> 0.3.0)
      terrapin (~> 0.6.0)
    picture_tag (2.0.0)
      rails (>= 3.0)
    polyamorous (2.3.2)
      activerecord (>= 5.2.1)
    progress (3.5.2)
    public_suffix (4.0.3)
    puma (4.3.3)
      nio4r (~> 2.0)
    pundit (2.1.0)
      activesupport (>= 3.0.0)
    rack (2.2.2)
    rack-cache (1.11.0)
      rack (>= 0.4)
    rack-contrib (2.1.0)
      rack (~> 2.0)
    rack-mobile-detect (0.4.0)
      rack
    rack-protection (2.0.8.1)
      rack
    rack-proxy (0.6.5)
      rack
    rack-rewrite (1.5.1)
    rack-test (1.1.0)
      rack (>= 1.0, < 3)
    rails (6.0.2.1)
      actioncable (= 6.0.2.1)
      actionmailbox (= 6.0.2.1)
      actionmailer (= 6.0.2.1)
      actionpack (= 6.0.2.1)
      actiontext (= 6.0.2.1)
      actionview (= 6.0.2.1)
      activejob (= 6.0.2.1)
      activemodel (= 6.0.2.1)
      activerecord (= 6.0.2.1)
      activestorage (= 6.0.2.1)
      activesupport (= 6.0.2.1)
      bundler (>= 1.3.0)
      railties (= 6.0.2.1)
      sprockets-rails (>= 2.0.0)
    rails-assets-picturefill (3.0.3)
    rails-dom-testing (2.0.3)
      activesupport (>= 4.2.0)
      nokogiri (>= 1.6)
    rails-html-sanitizer (1.3.0)
      loofah (~> 2.3)
    rails-i18n (6.0.0)
      i18n (>= 0.7, < 2)
      railties (>= 6.0.0, < 7)
    railties (6.0.2.1)
      actionpack (= 6.0.2.1)
      activesupport (= 6.0.2.1)
      method_source
      rake (>= 0.8.7)
      thor (>= 0.20.3, < 2.0)
    rake (13.0.1)
    ransack (2.3.2)
      activerecord (>= 5.2.1)
      activesupport (>= 5.2.1)
      i18n
      polyamorous (= 2.3.2)
    rb-fsevent (0.10.3)
    rb-gravatar (1.0.5)
    rb-inotify (0.10.1)
      ffi (~> 1.0)
    redis (4.1.3)
    redis-actionpack (5.2.0)
      actionpack (>= 5, < 7)
      redis-rack (>= 2.1.0, < 3)
      redis-store (>= 1.1.0, < 2)
    redis-activesupport (5.2.0)
      activesupport (>= 3, < 7)
      redis-store (>= 1.3, < 2)
    redis-rack (2.1.2)
      rack (>= 2.0.8, < 3)
      redis-store (>= 1.2, < 2)
    redis-rack-cache (2.2.1)
      rack-cache (>= 1.10, < 2)
      redis-store (>= 1.6, < 2)
    redis-rails (5.0.2)
      redis-actionpack (>= 5.0, < 6)
      redis-activesupport (>= 5.0, < 6)
      redis-store (>= 1.2, < 2)
    redis-store (1.8.2)
      redis (>= 4, < 5)
    reform (2.2.4)
      disposable (>= 0.4.1)
      representable (>= 2.4.0, < 3.1.0)
    reform-rails (0.1.7)
      activemodel (>= 3.2)
      reform (>= 2.2.0)
    representable (3.0.4)
      declarative (< 0.1.0)
      declarative-option (< 0.2.0)
      uber (< 0.2.0)
    request_store (1.5.0)
      rack (>= 1.4)
    responders (3.0.0)
      actionpack (>= 5.0)
      railties (>= 5.0)
    rinku (2.0.6)
    ruby-vips (2.0.17)
      ffi (~> 1.9)
    ruby_dep (1.5.0)
    ruby_parser (3.14.2)
      sexp_processor (~> 4.9)
    rucaptcha (2.5.2)
      railties (>= 3.2)
    sanitize (5.1.0)
      crass (~> 1.0.2)
      nokogiri (>= 1.8.0)
      nokogumbo (~> 2.0)
    sass-rails (6.0.0)
      sassc-rails (~> 2.1, >= 2.1.1)
    sassc (2.2.1)
      ffi (~> 1.9)
    sassc-rails (2.1.2)
      railties (>= 4.0.0)
      sassc (>= 2.0)
      sprockets (> 3.0)
      sprockets-rails
      tilt
    sexp_processor (4.14.1)
    simple_form (5.0.2)
      actionpack (>= 5.0)
      activemodel (>= 5.0)
    slim (4.0.1)
      temple (>= 0.7.6, < 0.9)
      tilt (>= 2.0.6, < 2.1)
    slim-rails (3.2.0)
      actionpack (>= 3.1)
      railties (>= 3.1)
      slim (>= 3.0, < 5.0)
    sprockets (4.0.0)
      concurrent-ruby (~> 1.0)
      rack (> 1, < 3)
    sprockets-es6 (0.9.2)
      babel-source (>= 5.8.11)
      babel-transpiler
      sprockets (>= 3.0.0)
    sprockets-rails (3.2.1)
      actionpack (>= 4.0)
      activesupport (>= 4.0)
      sprockets (>= 3.0.0)
    sshkit (1.21.0)
      net-scp (>= 1.1.2)
      net-ssh (>= 2.8.0)
    temple (0.8.2)
    terrapin (0.6.0)
      climate_control (>= 0.0.3, < 1.0)
    thor (0.20.3)
    thread_safe (0.3.6)
    thredded (0.16.16)
      active_record_union (>= 1.3.0)
      autoprefixer-rails
      db_text_search (~> 0.3.0)
      friendly_id
      html-pipeline
      htmlentities
      inline_svg (>= 1.6.0)
      kaminari
      kramdown (>= 2.0.0)
      kramdown-parser-gfm
      nokogiri
      onebox (~> 1.8, >= 1.8.99)
      pundit (>= 1.1.0)
      rails (>= 4.2.10, != 6.0.0.rc2)
      rb-gravatar
      rinku
      sanitize
      sassc-rails (>= 2.0.0)
      sprockets-es6
      timeago_js (>= 3.0.2.2)
    tilt (2.0.10)
    timeago_js (3.0.2.2)
    timeliness (0.4.4)
    tzinfo (1.2.6)
      thread_safe (~> 0.1)
    uber (0.1.0)
    uglifier (4.2.0)
      execjs (>= 0.3.0, < 3)
    url_validator (0.1.0)
      addressable
      rails
    valid_email (0.1.3)
      activemodel
      mail (>= 2.6.1)
    validates_timeliness (4.1.1)
      timeliness (>= 0.3.10, < 1)
    warden (1.2.8)
      rack (>= 2.0.6)
    web-console (4.0.1)
      actionview (>= 6.0.0)
      activemodel (>= 6.0.0)
      bindex (>= 0.4.0)
      railties (>= 6.0.0)
    webpacker (4.2.2)
      activesupport (>= 4.2)
      rack-proxy (>= 0.6.1)
      railties (>= 4.2)
    websocket-driver (0.7.1)
      websocket-extensions (>= 0.1.0)
    websocket-extensions (0.1.4)
    whenever (1.0.0)
      chronic (>= 0.6.3)
    zeitwerk (2.3.0)

PLATFORMS
  ruby

DEPENDENCIES
  active_attr
  active_storage_validations
  activeadmin
  airbrussh
  arctic_admin
  bcrypt_pbkdf
  better_errors
  binding_of_caller
  bootsnap
  browser
  cancancan
  capistrano-rails
  capistrano-rbenv
  capistrano-yarn
  capistrano3-puma
  cells-rails
  cells-slim
  ckeditor
  coffee-rails
  comfortable_mexican_sofa
  delayed_paperclip
  devise
  dotenv-rails
  draper
  dynamic_sitemaps (= 2.0.0)!
  ed25519
  exception_notification
  figaro
  friendly_id
  http_accept_language
  httparty
  image_optim_pack
  image_optim_rails
  image_processing
  jbuilder
  kaminari
  launchy
  letter_opener_web
  listen (>= 3.1.5, < 3.2)
  meta-tags
  meta_request
  mini_magick
  mini_racer
  mobile-fu
  mysql2
  navigasmic
  paper_trail
  paperclip
  picture_tag
  puma
  rack-protection
  rack-rewrite
  rails
  rails-assets-picturefill!
  rails-i18n
  redis-rack-cache
  redis-rails
  reform-rails
  responders
  rucaptcha
  sanitize
  sass-rails
  sassc
  simple_form
  slim-rails
  thredded
  uglifier
  url_validator
  valid_email
  validates_timeliness
  web-console (>= 3.3.0)
  webpacker
  whenever

BUNDLED WITH
   2.1.4
